PATH
  remote: .
  specs:
    pdf-extract-meta (0.1.0)
      commander (~> 4.4)
      oj (~> 3.0)
      pdf-reader (~> 2.2)

GEM
  remote: https://rubygems.org/
  specs:
    Ascii85 (1.0.3)
    afm (0.2.2)
    byebug (11.0.0)
    commander (4.4.7)
      highline (~> 2.0.0)
    diff-lcs (1.3)
    hashery (2.1.2)
    highline (2.0.1)
    oj (3.7.9)
    pdf-reader (2.2.0)
      Ascii85 (~> 1.0.0)
      afm (~> 0.2.1)
      hashery (~> 2.0)
      ruby-rc4
      ttfunk
    rake (10.5.0)
    rspec (3.8.0)
      rspec-core (~> 3.8.0)
      rspec-expectations (~> 3.8.0)
      rspec-mocks (~> 3.8.0)
    rspec-core (3.8.0)
      rspec-support (~> 3.8.0)
    rspec-expectations (3.8.2)
      diff-lcs (>= 1.2.0, < 2.0)
      rspec-support (~> 3.8.0)
    rspec-mocks (3.8.0)
      diff-lcs (>= 1.2.0, < 2.0)
      rspec-support (~> 3.8.0)
    rspec-support (3.8.0)
    ruby-rc4 (0.1.5)
    ttfunk (1.5.1)

PLATFORMS
  ruby

DEPENDENCIES
  bundler (~> 2.0)
  byebug (~> 11.0)
  pdf-extract-meta!
  rake (~> 10.0)
  rspec (~> 3.0)

BUNDLED WITH
   2.0.1
